PATH
  remote: .
  specs:
    ghp-layouts (0.0.3)

GEM
  remote: http://rubygems.org/
  specs:

PLATFORMS
  ruby

DEPENDENCIES
  ghp-layouts!
